GEM
  remote: https://rubygems.org/
  specs:
    mustermann (1.1.2)
      ruby2_keywords (~> 0.0.1)
    passenger (6.0.14)
      rack
      rake (>= 0.8.1)
    pg (1.4.2)
    rack (2.2.4)
    rack-protection (2.2.1)
      rack
    rake (13.0.6)
    ruby2_keywords (0.0.5)
    sinatra (2.2.1)
      mustermann (~> 1.0)
      rack (~> 2.2)
      rack-protection (= 2.2.1)
      tilt (~> 2.0)
    tilt (2.0.10)

PLATFORMS
  ruby

DEPENDENCIES
  passenger
  pg
  sinatra

RUBY VERSION
   ruby 3.1.2p20

BUNDLED WITH
   2.2.15
