GEM
  remote: https://rubygems.org/
  specs:
    hamlit (2.2.3)
      temple (~> 0.7.6)
      thor
      tilt
    passenger (5.0.26)
      rack
      rake (>= 0.8.1)
    pg (0.18.4)
    rack (1.6.4)
    rack-protection (1.5.3)
      rack
    rake (11.1.2)
    sinatra (1.4.7)
      rack (~> 1.5)
      rack-protection (~> 1.4)
      tilt (>= 1.3, < 3)
    temple (0.7.6)
    thor (0.19.1)
    tilt (2.0.2)

PLATFORMS
  ruby

DEPENDENCIES
  hamlit
  passenger
  pg
  sinatra

BUNDLED WITH
   1.11.2
